GEM
  remote: https://www.rubygems.org/
  specs:
    addressable (2.3.8)
    hipchat (1.5.1)
      httparty
      mimemagic
    httparty (0.13.3)
      json (~> 1.8)
      multi_xml (>= 0.5.2)
    json (1.8.2)
    mime-types (1.25.1)
    mimemagic (0.3.0)
    multi_xml (0.5.5)
    rdoc (4.2.0)
      json (~> 1.4)
    redis (3.0.7)
    rest-client (1.6.8)
      mime-types (~> 1.16)
      rdoc (>= 2.4.2)
    unirest (1.1.2)
      addressable (~> 2.3.5)
      json (~> 1.8.1)
      rest-client (~> 1.6.7)

PLATFORMS
  ruby

DEPENDENCIES
  hipchat
  redis (~> 3.0.1)
  unirest
